GEM
  remote: http://rubygems.org/
  specs:
    activemodel (3.1.3)
      activesupport (= 3.1.3)
      builder (~> 3.0.0)
      i18n (~> 0.6)
    activesupport (3.1.3)
      multi_json (~> 1.0)
    bson (1.5.1)
    bson_ext (1.5.1)
    builder (3.0.0)
    database_cleaner (0.7.0)
    diff-lcs (1.1.3)
    factory_girl (2.3.2)
      activesupport
    ffi (1.0.9)
    guard (0.8.8)
      thor (~> 0.14.6)
    guard-rspec (0.5.8)
      guard (>= 0.8.4)
    guard-spork (0.3.2)
      guard (>= 0.8.4)
      spork (>= 0.8.4)
    i18n (0.6.0)
    libnotify (0.5.9)
      ffi (~> 1.0.0)
    mongo (1.5.1)
      bson (= 1.5.1)
    mongoid (2.3.4)
      activemodel (~> 3.1)
      mongo (~> 1.3)
      tzinfo (~> 0.3.22)
    mongoid-rspec (1.4.4)
      mongoid (~> 2.0)
      rspec (~> 2)
    multi_json (1.0.4)
    rspec (2.7.0)
      rspec-core (~> 2.7.0)
      rspec-expectations (~> 2.7.0)
      rspec-mocks (~> 2.7.0)
    rspec-core (2.7.1)
    rspec-expectations (2.7.0)
      diff-lcs (~> 1.1.2)
    rspec-mocks (2.7.0)
    spork (0.8.5)
    thor (0.14.6)
    tzinfo (0.3.31)

PLATFORMS
  ruby

DEPENDENCIES
  bson
  bson_ext
  database_cleaner
  factory_girl
  guard-rspec
  guard-spork
  libnotify
  mongo
  mongoid
  mongoid-rspec
  rspec
  spork
